GEM
  remote: http://rubygems.org/
  specs:
    actionmailer (2.3.8)
      actionpack (= 2.3.8)
    actionpack (2.3.8)
      activesupport (= 2.3.8)
      rack (~> 1.1.0)
    activerecord (2.3.8)
      activesupport (= 2.3.8)
    activeresource (2.3.8)
      activesupport (= 2.3.8)
    activesupport (2.3.8)
    aws-s3 (0.6.2)
      builder
      mime-types
      xml-simple
    builder (3.0.0)
    capybara (0.4.0.rc)
      celerity (>= 0.7.9)
      culerity (>= 0.2.4)
      mime-types (>= 1.16)
      nokogiri (>= 1.3.3)
      rack (>= 1.0.0)
      rack-test (>= 0.5.4)
      selenium-webdriver (>= 0.0.27)
      xpath (~> 0.1.2)
    celerity (0.8.4)
    childprocess (0.1.4)
      ffi (~> 0.6.3)
    compass (0.10.6)
      haml (>= 3.0.4)
    configuration (1.2.0)
    cucumber (0.8.0)
      builder (>= 2.1.2)
      diff-lcs (>= 1.1.2)
      gherkin (>= 1.0.30)
      json_pure (>= 1.4.3)
      term-ansicolor (>= 1.0.4)
    cucumber-rails (0.3.2)
      cucumber (>= 0.8.0)
    culerity (0.2.12)
    database_cleaner (0.6.0)
    diff-lcs (1.1.2)
    factory_girl (1.3.2)
    ffi (0.6.3)
      rake (>= 0.8.7)
    gherkin (2.3.1)
      json (~> 1.4.6)
      term-ansicolor (~> 1.0.5)
    haml (3.0.23)
    heroku (1.13.7)
      json_pure (>= 1.2.0, < 1.5.0)
      launchy (~> 0.3.2)
      rest-client (>= 1.4.0, < 1.7.0)
    heroku_san (1.0.3)
      heroku
    hoe (2.7.0)
      rake (>= 0.8.7)
      rubyforge (>= 2.0.4)
    json (1.4.6)
    json_pure (1.4.6)
    launchy (0.3.7)
      configuration (>= 0.0.5)
      rake (>= 0.8.1)
    mime-types (1.16)
    mocha (0.9.9)
      rake
    newrelic_rpm (2.13.3)
    nokogiri (1.4.4)
    paperclip (2.3.5)
      activerecord
      activesupport
    rack (1.1.0)
    rack-test (0.5.6)
      rack (>= 1.0)
    rails (2.3.8)
      actionmailer (= 2.3.8)
      actionpack (= 2.3.8)
      activerecord (= 2.3.8)
      activeresource (= 2.3.8)
      activesupport (= 2.3.8)
      rake (>= 0.8.3)
    rails-footnotes (3.6.7)
    rake (0.8.7)
    rest-client (1.6.1)
      mime-types (>= 1.16)
    rspec (1.3.0)
    rspec-rails (1.3.2)
      rack (>= 1.0.0)
      rspec (>= 1.3.0)
    rubyforge (2.0.4)
      json_pure (>= 1.1.7)
    rubyzip (0.9.4)
    selenium-webdriver (0.1.0)
      childprocess (= 0.1.4)
      ffi (~> 0.6.3)
      json_pure
      rubyzip
    sequel (3.17.0)
    sinatra (1.0)
      rack (>= 1.0)
    sqlite3-ruby (1.3.2)
    taps (0.3.14)
      json_pure (>= 1.2.0, < 1.5.0)
      rack (>= 1.0.1)
      rest-client (>= 1.4.0, < 1.7.0)
      sequel (~> 3.17.0)
      sinatra (~> 1.0.0)
      sqlite3-ruby (~> 1.2)
    term-ansicolor (1.0.5)
    test-unit (1.2.3)
      hoe (>= 1.5.1)
    will_paginate (2.3.14)
    xml-simple (1.0.12)
    xpath (0.1.2)
      nokogiri (~> 1.3)

PLATFORMS
  ruby

DEPENDENCIES
  aws-s3 (= 0.6.2)
  capybara (= 0.4.0.rc)
  compass (>= 0.10.6)
  cucumber-rails (>= 0.3.2)
  database_cleaner (>= 0.5.0)
  factory_girl (= 1.3.2)
  haml (= 3.0.23)
  heroku
  heroku_san
  mocha
  newrelic_rpm
  paperclip
  rails (= 2.3.8)
  rails-footnotes
  rspec (= 1.3.0)
  rspec-rails (= 1.3.2)
  sqlite3-ruby
  taps
  test-unit (= 1.2.3)
  will_paginate (= 2.3.14)
  xml-simple (= 1.0.12)
